GIT
  remote: https://github.com/deafbybeheading/attr_secure
  revision: 09366b23ea1a8a9845feff2ba8164136eb984596
  branch: fernet-2.0-support-empty-values
  specs:
    attr_secure (0.2.0)
      fernet (~> 2.0.rc1)

GEM
  remote: https://rubygems.org/
  specs:
    activesupport (4.2.7)
      i18n (~> 0.7)
      json (~> 1.7, >= 1.7.7)
      minitest (~> 5.1)
      thread_safe (~> 0.3, >= 0.3.4)
      tzinfo (~> 1.1)
    addressable (2.5.0)
      public_suffix (~> 2.0, >= 2.0.2)
    ast (2.3.0)
    aws-sdk-core (2.0.21)
      builder (~> 3.0)
      jmespath (~> 1.0)
      multi_json (~> 1.0)
      multi_xml (~> 0.5)
    backports (3.6.4)
    bcrypt (3.1.9)
    builder (3.2.2)
    byebug (3.5.1)
      columnize (~> 0.8)
      debugger-linecache (~> 1.2)
      slop (~> 3.6)
    celluloid (0.16.0)
      timers (~> 4.0.0)
    clockwork (1.1.0)
      activesupport
      tzinfo
    coderay (1.1.0)
    columnize (0.9.0)
    committee (1.6.2)
      json_schema (~> 0.3)
      multi_json (~> 1.10)
      rack (~> 1.5)
    crack (0.4.3)
      safe_yaml (~> 1.0.0)
    database_cleaner (1.4.0)
    debugger-linecache (1.2.0)
    diff-lcs (1.2.5)
    domain_name (0.5.20160615)
      unf (>= 0.0.5, < 1.0.0)
    dotenv (1.0.2)
    erubis (2.7.0)
    excon (0.43.0)
    factory_girl (4.5.0)
      activesupport (>= 3.0.0)
    fernet (2.1)
      valcro (= 0.1)
    foreman (0.77.0)
      dotenv (~> 1.0.2)
      thor (~> 0.19.1)
    hashdiff (0.3.2)
    heroics (0.0.12)
      erubis (~> 2.7.0)
      excon
      moneta
      multi_json (>= 1.9.2)
      netrc
    hitimes (1.2.2)
    http-cookie (1.0.2)
      domain_name (~> 0.5)
    http_accept (0.1.6)
    i18n (0.7.0)
    jmespath (1.0.2)
      multi_json (~> 1.0)
    json (1.8.3)
    json_schema (0.4.0)
    lpxc (0.0.8)
    method_source (0.8.2)
    mime-types (3.1)
      mime-types-data (~> 3.2015)
    mime-types-data (3.2016.0521)
    minitest (5.9.0)
    moneta (0.8.0)
    multi_json (1.12.1)
    multi_xml (0.5.5)
    net-ssh (2.9.2)
    net-ssh-gateway (1.2.0)
      net-ssh (>= 2.6.5)
    netrc (0.11.0)
    oj (2.11.4)
    parallel (1.6.0)
    parser (2.3.1.4)
      ast (~> 2.2)
    pg (0.18.1)
    pgversion (0.0.2)
    platform-api (0.2.0)
      heroics (~> 0.0.10)
    pliny (0.6.2)
      activesupport (~> 4.1, >= 4.1.0)
      http_accept (~> 0.1, >= 0.1.5)
      multi_json (~> 1.9, >= 1.9.3)
      pg (~> 0.17, >= 0.17.1)
      prmd (= 0.6.1)
      sequel (~> 4.9, >= 4.9.0)
      sinatra (~> 1.4, >= 1.4.5)
      sinatra-router (~> 0.2, >= 0.2.3)
      thor (~> 0.19, >= 0.19.1)
    powerpack (0.1.1)
    prmd (0.6.1)
      erubis (~> 2.7)
      json_schema (~> 0.1)
    pry (0.10.1)
      coderay (~> 1.1.0)
      method_source (~> 0.8.1)
      slop (~> 3.4)
    pry-byebug (2.0.0)
      byebug (~> 3.4)
      pry (~> 0.10)
    pry-doc (0.6.0)
      pry (~> 0.9)
      yard (~> 0.8)
    public_suffix (2.0.5)
    puma (2.11.0)
      rack (>= 1.1, < 2.0)
    rack (1.6.2)
    rack-protection (1.5.3)
      rack
    rack-ssl (1.4.1)
      rack
    rack-test (0.6.3)
      rack (>= 1.0)
    rainbow (2.1.0)
    rake (10.4.2)
    rest-client (2.0.0)
      http-cookie (>= 1.0.2, < 2.0)
      mime-types (>= 1.16, < 4.0)
      netrc (~> 0.8)
    rollbar (2.14.0)
      multi_json
    rspec (3.1.0)
      rspec-core (~> 3.1.0)
      rspec-expectations (~> 3.1.0)
      rspec-mocks (~> 3.1.0)
    rspec-core (3.1.7)
      rspec-support (~> 3.1.0)
    rspec-expectations (3.1.2)
      diff-lcs (>= 1.2.0, < 2.0)
      rspec-support (~> 3.1.0)
    rspec-mocks (3.1.3)
      rspec-support (~> 3.1.0)
    rspec-support (3.1.2)
    rubocop (0.43.0)
      parser (>= 2.3.1.1, < 3.0)
      powerpack (~> 0.1)
      rainbow (>= 1.99.1, < 3.0)
      ruby-progressbar (~> 1.7)
      unicode-display_width (~> 1.0, >= 1.0.1)
    rubocop-rspec (1.7.0)
      rubocop (>= 0.42.0)
    ruby-progressbar (1.8.1)
    safe_yaml (1.0.4)
    sequel (4.21.0)
    sequel-paranoid (0.4.3)
      sequel
    sequel_pg (1.6.11)
      pg (>= 0.8.0)
      sequel (>= 3.39.0)
    sinatra (1.4.5)
      rack (~> 1.4)
      rack-protection (~> 1.4)
      tilt (~> 1.3, >= 1.3.4)
    sinatra-contrib (1.4.2)
      backports (>= 2.0)
      multi_json
      rack-protection
      rack-test
      sinatra (~> 1.4.0)
      tilt (~> 1.3)
    sinatra-router (0.2.3)
      sinatra (~> 1.4)
    slop (3.6.0)
    sucker_punch (1.3.2)
      celluloid (~> 0.16.0)
    thor (0.19.1)
    thread_safe (0.3.5)
    tilt (1.4.1)
    timers (4.0.1)
      hitimes
    tzinfo (1.2.2)
      thread_safe (~> 0.1)
    unf (0.1.4)
      unf_ext
    unf_ext (0.0.7.2)
    unicode-display_width (1.1.1)
    valcro (0.1)
    webmock (2.3.2)
      addressable (>= 2.3.6)
      crack (>= 0.3.2)
      hashdiff
    yard (0.8.7.6)

PLATFORMS
  ruby

DEPENDENCIES
  attr_secure!
  aws-sdk-core
  bcrypt
  clockwork
  committee
  database_cleaner
  factory_girl (~> 4.0)
  fernet
  foreman
  lpxc
  multi_json
  net-ssh
  net-ssh-gateway
  oj
  parallel
  pg
  pgversion
  platform-api
  pliny
  pry
  pry-byebug
  pry-doc
  puma
  rack-ssl
  rack-test
  rake
  rest-client
  rollbar
  rspec
  rubocop
  rubocop-rspec
  sequel (~> 4.21.0)
  sequel-paranoid
  sequel_pg
  sinatra
  sinatra-contrib
  sinatra-router
  sucker_punch
  webmock

RUBY VERSION
   ruby 2.2.2p95

BUNDLED WITH
   1.13.7
